GEM
  remote: http://rubygems.org/
  specs:
    addressable (2.7.0)
      public_suffix (>= 2.0.2, < 5.0)
    as-notifications (1.0.1)
    backports (3.17.0)
    builder (3.2.4)
    coderay (1.1.2)
    concurrent-ruby (1.1.6)
    crack (0.4.3)
      safe_yaml (~> 1.0.0)
    cucumber (3.1.2)
      builder (>= 2.1.2)
      cucumber-core (~> 3.2.0)
      cucumber-expressions (~> 6.0.1)
      cucumber-wire (~> 0.0.1)
      diff-lcs (~> 1.3)
      gherkin (~> 5.1.0)
      multi_json (>= 1.7.5, < 2.0)
      multi_test (>= 0.1.2)
    cucumber-core (3.2.1)
      backports (>= 3.8.0)
      cucumber-tag_expressions (~> 1.1.0)
      gherkin (~> 5.0)
    cucumber-expressions (6.0.1)
    cucumber-tag_expressions (1.1.1)
    cucumber-wire (0.0.1)
    diff-lcs (1.3)
    domain_name (0.5.20190701)
      unf (>= 0.0.5, < 1.0.0)
    faraday (1.0.1)
      multipart-post (>= 1.2, < 3)
    ffi (1.12.2)
    formatador (0.2.5)
    gherkin (5.1.0)
    guard (2.16.1)
      formatador (>= 0.2.4)
      listen (>= 2.7, < 4.0)
      lumberjack (>= 1.0.12, < 2.0)
      nenv (~> 0.1)
      notiffany (~> 0.0)
      pry (>= 0.9.12)
      shellany (~> 0.0)
      thor (>= 0.18.1)
    hashdiff (1.0.1)
    http-accept (1.7.0)
    http-cookie (1.0.3)
      domain_name (~> 0.5)
    i18n (1.8.2)
      concurrent-ruby (~> 1.0)
    json (2.3.0)
    jwt (2.2.1)
    listen (3.2.1)
      rb-fsevent (~> 0.10, >= 0.10.3)
      rb-inotify (~> 0.9, >= 0.9.10)
    lumberjack (1.2.4)
    method_source (1.0.0)
    mime-types (3.3.1)
      mime-types-data (~> 3.2015)
    mime-types-data (3.2019.1009)
    mini_portile2 (2.4.0)
    multi_json (1.14.1)
    multi_test (0.1.2)
    multipart-post (2.1.1)
    nenv (0.3.0)
    netrc (0.11.0)
    nokogiri (1.10.9)
      mini_portile2 (~> 2.4.0)
    notiffany (0.1.3)
      nenv (~> 0.1)
      shellany (~> 0.0)
    pg (1.2.3)
    pry (0.13.0)
      coderay (~> 1.1)
      method_source (~> 1.0)
    public_suffix (4.0.3)
    rack (2.2.2)
    rack-test (1.1.0)
      rack (>= 1.0, < 3)
    rake (12.3.3)
    rb-fsevent (0.10.3)
    rb-inotify (0.10.1)
      ffi (~> 1.0)
    rest-client (2.1.0)
      http-accept (>= 1.7.0, < 2.0)
      http-cookie (>= 1.0.2, < 2.0)
      mime-types (>= 1.16, < 4.0)
      netrc (~> 0.8)
    rspec (3.9.0)
      rspec-core (~> 3.9.0)
      rspec-expectations (~> 3.9.0)
      rspec-mocks (~> 3.9.0)
    rspec-core (3.9.1)
      rspec-support (~> 3.9.1)
    rspec-expectations (3.9.1)
      diff-lcs (>= 1.2.0, < 2.0)
      rspec-support (~> 3.9.0)
    rspec-mocks (3.9.1)
      diff-lcs (>= 1.2.0, < 2.0)
      rspec-support (~> 3.9.0)
    rspec-support (3.9.2)
    safe_yaml (1.0.5)
    shellany (0.0.1)
    thor (1.0.1)
    twilio-ruby (5.37.0)
      faraday (>= 0.9, < 2.0)
      jwt (>= 1.5, <= 2.5)
      nokogiri (>= 1.6, < 2.0)
    unf (0.1.4)
      unf_ext
    unf_ext (0.0.7.6)
    webmachine (1.5.0)
      as-notifications (~> 1.0)
      i18n (>= 0.4.0)
      multi_json
    webmock (3.8.3)
      addressable (>= 2.3.6)
      crack (>= 0.3.2)
      hashdiff (>= 0.4.0, < 2.0.0)
    yard (0.9.24)

PLATFORMS
  ruby

DEPENDENCIES
  cucumber
  guard
  json
  nokogiri
  pg
  rack
  rack-test
  rake
  rest-client
  rspec
  twilio-ruby
  webmachine
  webmock
  yard
